PATH
  remote: .
  specs:
    coreos_ami (0.0.1)
      trollop

GEM
  remote: https://rubygems.org/
  specs:
    rake (10.4.2)
    trollop (2.1.1)

PLATFORMS
  ruby

DEPENDENCIES
  bundler (~> 1.7)
  coreos_ami!
  rake (~> 10.0)
